GEM
  remote: http://rubygems.org/
  specs:
    POpen4 (0.1.4)
      Platform (>= 0.4.0)
      open4
    Platform (0.4.0)
    addressable (2.2.6)
    amqp (0.6.7)
      eventmachine (>= 0.12.4)
    capistrano (2.8.0)
      highline
      net-scp (>= 1.0.0)
      net-sftp (>= 2.0.0)
      net-ssh (>= 2.0.14)
      net-ssh-gateway (>= 1.1.0)
    capistrano-ext (1.2.1)
      capistrano (>= 1.0.0)
    chunky_png (1.2.5)
    coffee-script (2.2.0)
      coffee-script-source
      execjs
    coffee-script-source (1.1.2)
    compass (0.11.5)
      chunky_png (~> 1.2)
      fssm (>= 0.2.7)
      sass (~> 3.1)
    couchrest (1.1.2)
      mime-types (~> 1.15)
      multi_json (~> 1.0.0)
      rest-client (~> 1.6.1)
    daemon-kit (0.1.8.1)
      eventmachine (>= 0.12.10)
    daemons (1.1.4)
    dnssd (2.0)
    em-http-request (1.0.0)
      addressable (>= 2.2.3)
      em-socksify
      eventmachine (>= 1.0.0.beta.3)
      http_parser.rb (>= 0.5.2)
    em-proxy (0.1.5)
      eventmachine
    em-socksify (0.1.0)
      eventmachine
    em-websocket (0.3.5)
      addressable (>= 2.1.1)
      eventmachine (>= 0.12.9)
    erubis (2.7.0)
    eventmachine (1.0.0.beta.4)
    eventmachine_httpserver (0.2.1)
    execjs (1.2.9)
      multi_json (~> 1.0)
    extlib (0.9.15)
    fssm (0.2.7)
    git (1.2.5)
    god (0.11.0)
    haml (3.1.3)
    highline (1.6.2)
    http_parser.rb (0.5.2)
    json (1.6.1)
    json_pure (1.4.6)
    kgio (2.6.0)
    mime-types (1.17.2)
    multi_json (1.0.3)
    net-ldap (0.2.2)
    net-scp (1.0.4)
      net-ssh (>= 1.99.1)
    net-sftp (2.0.5)
      net-ssh (>= 2.0.9)
    net-ssh (2.2.1)
    net-ssh-gateway (1.1.0)
      net-ssh (>= 1.99.1)
    open4 (1.2.0)
    rack (1.3.3)
    rainbow (1.1.1)
    raindrops (0.7.0)
    rake (0.9.2.2)
    rest-client (1.6.7)
      mime-types (>= 1.16)
    rubybits (0.2.0)
    sass (3.1.7)
    sinatra (1.2.6)
      rack (~> 1.1)
      tilt (>= 1.2.2, < 2.0)
    slinky (0.5.0)
      coffee-script (>= 2.2.0)
      em-proxy (>= 0.1.5)
      eventmachine (>= 0.12.0)
      eventmachine_httpserver (>= 0.2.0)
      haml (>= 3.0.0)
      mime-types (>= 1.16)
      rainbow (>= 1.1.1)
      sass (>= 3.1.1)
      yui-compressor (>= 0.9.6)
    sproutcore (1.6.0.1)
      compass (~> 0.11.1)
      em-http-request (~> 1.0.0.beta)
      erubis (~> 2.6)
      extlib (~> 0.9.15)
      haml (~> 3.1.1)
      json_pure (~> 1.4.6)
      rack (~> 1.2)
      thin (~> 1.2.11)
      thor (~> 0.14.3)
    thin (1.2.11)
      daemons (>= 1.0.9)
      eventmachine (>= 0.12.6)
      rack (>= 1.0.0)
    thor (0.14.6)
    tilt (1.3.3)
    unicorn (4.1.1)
      kgio (~> 2.4)
      rack
      raindrops (~> 0.6)
    uuidtools (2.1.2)
    yui-compressor (0.9.6)
      POpen4 (>= 0.1.4)

PLATFORMS
  ruby

DEPENDENCIES
  amqp
  capistrano
  capistrano-ext
  chunky_png
  couchrest
  daemon-kit
  dnssd
  em-proxy
  em-websocket
  eventmachine
  extlib
  git
  god
  haml
  highline
  json
  net-ldap
  net-scp
  net-ssh
  rainbow
  rake
  rubybits
  sinatra
  slinky
  sproutcore (~> 1.6.0.1)
  unicorn
  uuidtools
